GIT
  remote: https://github.com/shardlab/discordrb
  revision: 3f0a06eae325b4d7b24c25f71468b02b6cb47c93
  branch: main
  specs:
    discordrb (3.4.2)
      discordrb-webhooks (~> 3.4.2)
      ffi (>= 1.9.24)
      opus-ruby
      rest-client (>= 2.0.0)
      websocket-client-simple (>= 0.3.0)
    discordrb-webhooks (3.4.2)
      rest-client (>= 2.0.0)

GEM
  remote: https://rubygems.org/
  specs:
    bson (4.15.0)
    domain_name (0.5.20190701)
      unf (>= 0.0.5, < 1.0.0)
    event_emitter (0.2.6)
    ffi (1.15.5)
    http-accept (1.7.0)
    http-cookie (1.0.4)
      domain_name (~> 0.5)
    mime-types (3.4.1)
      mime-types-data (~> 3.2015)
    mime-types-data (3.2022.0105)
    mongo (2.19.1)
      bson (>= 4.14.1, < 5.0.0)
    mustermann (1.1.1)
      ruby2_keywords (~> 0.0.1)
    netrc (0.11.0)
    opus-ruby (1.0.1)
      ffi
    rack (2.2.3)
    rack-protection (2.1.0)
      rack
    rest-client (2.1.0)
      http-accept (>= 1.7.0, < 2.0)
      http-cookie (>= 1.0.2, < 2.0)
      mime-types (>= 1.16, < 4.0)
      netrc (~> 0.8)
    ruby2_keywords (0.0.5)
    sinatra (2.1.0)
      mustermann (~> 1.0)
      rack (~> 2.2)
      rack-protection (= 2.1.0)
      tilt (~> 2.0)
    tilt (2.0.10)
    unf (0.1.4)
      unf_ext
    unf_ext (0.0.8)
    websocket (1.2.9)
    websocket-client-simple (0.5.1)
      event_emitter
      websocket

PLATFORMS
  ruby

DEPENDENCIES
  discordrb!
  mongo (~> 2.19)
  sinatra (~> 2.1)

BUNDLED WITH
   2.2.22
